GIT
  remote: https://github.com/jekyll/jekyll-sass-converter.git
  revision: 7dd53306b2046ff0fd213394563a3784aa207c16
  specs:
    jekyll-sass-converter (3.0.0)
      sass-embedded (~> 1.75)

GEM
  remote: https://rubygems.org/
  specs:
    Ascii85 (1.1.1)
    addressable (2.8.7)
      public_suffix (>= 2.0.2, < 7.0)
    afm (0.2.2)
    async (2.4.2)
      console (~> 1.10)
      io-event (~> 1.1)
      timers (~> 4.1)
    base64 (0.2.0)
    bigdecimal (3.1.9)
    colorator (1.1.0)
    concurrent-ruby (1.3.5)
    console (1.16.2)
      fiber-local
    csv (3.3.2)
    em-websocket (0.5.3)
      eventmachine (>= 0.12.9)
      http_parser.rb (~> 0)
    ethon (0.16.0)
      ffi (>= 1.15.0)
    eventmachine (1.2.7)
    ffi (1.17.1)
    ffi (1.17.1-arm64-darwin)
    fiber-local (1.0.0)
    forwardable-extended (2.6.0)
    google-protobuf (4.31.1)
      bigdecimal
      rake (>= 13)
    google-protobuf (4.31.1-arm64-darwin)
      bigdecimal
      rake (>= 13)
    hashery (2.1.2)
    html-proofer (5.0.10)
      addressable (~> 2.3)
      async (~> 2.1)
      nokogiri (~> 1.13)
      pdf-reader (~> 2.11)
      rainbow (~> 3.0)
      typhoeus (~> 1.3)
      yell (~> 2.0)
      zeitwerk (~> 2.5)
    http_parser.rb (0.8.0)
    i18n (1.14.7)
      concurrent-ruby (~> 1.0)
    io-event (1.1.7)
    jekyll (4.4.1)
      addressable (~> 2.4)
      base64 (~> 0.2)
      colorator (~> 1.0)
      csv (~> 3.0)
      em-websocket (~> 0.5)
      i18n (~> 1.0)
      jekyll-sass-converter (>= 2.0, < 4.0)
      jekyll-watch (~> 2.0)
      json (~> 2.6)
      kramdown (~> 2.3, >= 2.3.1)
      kramdown-parser-gfm (~> 1.0)
      liquid (~> 4.0)
      mercenary (~> 0.3, >= 0.3.6)
      pathutil (~> 0.9)
      rouge (>= 3.0, < 5.0)
      safe_yaml (~> 1.0)
      terminal-table (>= 1.8, < 4.0)
      webrick (~> 1.7)
    jekyll-last-modified-at (1.3.2)
      jekyll (>= 3.7, < 5.0)
    jekyll-redirect-from (0.16.0)
      jekyll (>= 3.3, < 5.0)
    jekyll-sitemap (1.4.0)
      jekyll (>= 3.7, < 5.0)
    jekyll-watch (2.2.1)
      listen (~> 3.0)
    json (2.9.1)
    kramdown (2.5.1)
      rexml (>= 3.3.9)
    kramdown-parser-gfm (1.1.0)
      kramdown (~> 2.0)
    liquid (4.0.4)
    listen (3.9.0)
      rb-fsevent (~> 0.10, >= 0.10.3)
      rb-inotify (~> 0.9, >= 0.9.10)
    mercenary (0.4.0)
    mini_portile2 (2.8.8)
    nokogiri (1.18.8)
      mini_portile2 (~> 2.8.2)
      racc (~> 1.4)
    nokogiri (1.18.8-arm64-darwin)
      racc (~> 1.4)
    pathutil (0.16.2)
      forwardable-extended (~> 2.6)
    pdf-reader (2.11.0)
      Ascii85 (~> 1.0)
      afm (~> 0.2.1)
      hashery (~> 2.0)
      ruby-rc4
      ttfunk
    public_suffix (5.1.1)
    racc (1.8.1)
    rainbow (3.1.1)
    rake (13.2.1)
    rb-fsevent (0.11.2)
    rb-inotify (0.11.1)
      ffi (~> 1.0)
    rexml (3.4.0)
    rouge (4.5.1)
    ruby-rc4 (0.1.5)
    safe_yaml (1.0.5)
    sass-embedded (1.89.1)
      google-protobuf (~> 4.31)
      rake (>= 13)
    sass-embedded (1.89.1-arm64-darwin)
      google-protobuf (~> 4.31)
    terminal-table (3.0.2)
      unicode-display_width (>= 1.1.1, < 3)
    timers (4.3.5)
    ttfunk (1.7.0)
    typhoeus (1.4.1)
      ethon (>= 0.9.0)
    unicode-display_width (2.6.0)
    webrick (1.9.1)
    yell (2.2.2)
    zeitwerk (2.6.18)

PLATFORMS
  arm64-darwin-21
  ruby

DEPENDENCIES
  html-proofer
  jekyll (~> 4.4.0)
  jekyll-last-modified-at
  jekyll-redirect-from
  jekyll-sass-converter!
  jekyll-sitemap
  nokogiri
  sass-embedded

BUNDLED WITH
   2.3.21
